PATH
  remote: .
  specs:
    ruby-band (0.1.13)
      activesupport (>= 3.2.13)
      atomic
      bio (>= 1.4.2)
      bundler (>= 1.3.5)
      i18n (>= 0.6.1)
      json
      multi_json
      rake
      ruport (~> 1.6.3)

GEM
  remote: http://rubygems.org/
  specs:
    activesupport (4.0.2)
      i18n (~> 0.6, >= 0.6.4)
      minitest (~> 4.2)
      multi_json (~> 1.3)
      thread_safe (~> 0.1)
      tzinfo (~> 0.3.37)
    atomic (1.1.14)
    atomic (1.1.14-java)
    bio (2.0.4)
    builder (3.2.2)
    color (1.8)
    cucumber (1.3.10)
      builder (>= 2.1.2)
      diff-lcs (>= 1.1.3)
      gherkin (~> 2.12)
      multi_json (>= 1.7.5, < 2.0)
      multi_test (>= 0.0.2)
    diff-lcs (1.2.5)
    docile (1.1.1)
    fastercsv (1.5.5)
    gherkin (2.12.2)
      multi_json (~> 1.3)
    gherkin (2.12.2-java)
      multi_json (~> 1.3)
    git (1.2.6)
    i18n (0.6.9)
    jar-dependencies (0.4.1)
    json (1.8.1)
    json (1.8.1-java)
    minitest (4.7.5)
    multi_json (1.14.1)
    multi_test (0.1.2)
    pdf-writer (1.1.8)
      color (>= 1.4.0)
      transaction-simple (~> 1.3)
    rake (13.0.6)
    rdoc (3.12.2)
      json (~> 1.4)
    rspec (2.14.0)
      rspec-core (~> 2.14.0)
      rspec-expectations (~> 2.14.0)
      rspec-mocks (~> 2.14.0)
    rspec-core (2.14.7)
    rspec-expectations (2.14.4)
      diff-lcs (>= 1.1.3, < 2.0)
    rspec-mocks (2.14.4)
    ruport (1.6.3)
      fastercsv
      pdf-writer (= 1.1.8)
    shoulda (3.5.0)
      shoulda-context (~> 1.0, >= 1.0.1)
      shoulda-matchers (>= 1.4.1, < 3.0)
    shoulda-context (1.1.6)
    shoulda-matchers (2.4.0)
      activesupport (>= 3.0.0)
    simplecov (0.8.2)
      docile (~> 1.1.0)
      multi_json
      simplecov-html (~> 0.8.0)
    simplecov-html (0.8.0)
    test-unit (2.5.5)
    thread_safe (0.1.3)
      atomic
    thread_safe (0.1.3-java)
      atomic
    transaction-simple (1.4.0.2)
    tzinfo (0.3.38)

PLATFORMS
  java
  ruby

DEPENDENCIES
  cucumber (~> 1.3.10)
  gherkin (~> 2.12.2)
  git
  jar-dependencies
  rdoc (>= 3.12)
  rspec
  ruby-band!
  shoulda
  simplecov
  test-unit

BUNDLED WITH
   1.17.3
