GEM
  remote: http://rubygems.org/
  specs:
    activesupport (4.0.2)
      i18n (~> 0.6, >= 0.6.4)
      minitest (~> 4.2)
      multi_json (~> 1.3)
      thread_safe (~> 0.1)
      tzinfo (~> 0.3.37)
    addressable (2.3.5)
    atomic (1.1.14-java)
    axiom-types (0.1.0)
      descendants_tracker (~> 0.0.3)
      ice_nine (~> 0.11.0)
      thread_safe (~> 0.1.3)
    bio (1.4.3.0001)
    builder (3.2.2)
    coercible (1.0.0)
      descendants_tracker (~> 0.0.1)
    color (1.8)
    cucumber (1.3.10)
      builder (>= 2.1.2)
      diff-lcs (>= 1.1.3)
      gherkin (~> 2.12)
      multi_json (>= 1.7.5, < 2.0)
      multi_test (>= 0.0.2)
    descendants_tracker (0.0.3)
    diff-lcs (1.2.5)
    docile (1.1.1)
    equalizer (0.0.11)
    faraday (0.8.8)
      multipart-post (~> 1.2.0)
    fastercsv (1.5.5)
    gherkin (2.12.2-java)
      multi_json (~> 1.3)
    git (1.2.6)
    github_api (0.10.1)
      addressable
      faraday (~> 0.8.1)
      hashie (>= 1.2)
      multi_json (~> 1.4)
      nokogiri (~> 1.5.2)
      oauth2
    hashie (2.0.4)
    highline (1.6.20)
    httpauth (0.2.0)
    i18n (0.6.9)
    ice_nine (0.11.2)
    jar-dependencies (0.4.1)
    jbundler (0.9.4)
      bundler (> 1.5, < 3.0.0)
      jar-dependencies (~> 0.3)
      maven-tools (~> 1.1)
      ruby-maven (~> 3.3, >= 3.3.8)
    jeweler (1.8.8)
      builder
      bundler (~> 1.0)
      git (>= 1.2.5)
      github_api (= 0.10.1)
      highline (>= 1.6.15)
      nokogiri (= 1.5.10)
      rake
      rdoc
    json (1.8.1-java)
    jwt (0.1.8)
      multi_json (>= 1.5)
    maven-tools (1.1.7)
      virtus (~> 1.0)
    minitest (4.7.5)
    multi_json (1.14.1)
    multi_test (0.1.2)
    multi_xml (0.5.5)
    multipart-post (1.2.0)
    nokogiri (1.5.10-java)
    oauth2 (0.9.2)
      faraday (~> 0.8)
      httpauth (~> 0.2)
      jwt (~> 0.1.4)
      multi_json (~> 1.0)
      multi_xml (~> 0.5)
      rack (~> 1.2)
    pdf-writer (1.1.8)
      color (>= 1.4.0)
      transaction-simple (~> 1.3)
    rack (1.5.1)
    rake (10.1.0)
    rdoc (3.12.2)
      json (~> 1.4)
    rspec (2.14.0)
      rspec-core (~> 2.14.0)
      rspec-expectations (~> 2.14.0)
      rspec-mocks (~> 2.14.0)
    rspec-core (2.14.7)
    rspec-expectations (2.14.4)
      diff-lcs (>= 1.1.3, < 2.0)
    rspec-mocks (2.14.4)
    ruby-maven (3.3.13)
      ruby-maven-libs (~> 3.3.9)
    ruby-maven-libs (3.3.9)
    ruport (1.6.3)
      fastercsv
      pdf-writer (= 1.1.8)
    shoulda (3.5.0)
      shoulda-context (~> 1.0, >= 1.0.1)
      shoulda-matchers (>= 1.4.1, < 3.0)
    shoulda-context (1.1.6)
    shoulda-matchers (2.4.0)
      activesupport (>= 3.0.0)
    simplecov (0.8.2)
      docile (~> 1.1.0)
      multi_json
      simplecov-html (~> 0.8.0)
    simplecov-html (0.8.0)
    test-unit (2.5.5)
    thread_safe (0.1.3-java)
      atomic
    transaction-simple (1.4.0.2)
    tzinfo (0.3.38)
    virtus (1.0.5)
      axiom-types (~> 0.1)
      coercible (~> 1.0)
      descendants_tracker (~> 0.0, >= 0.0.3)
      equalizer (~> 0.0, >= 0.0.9)

PLATFORMS
  java
  ruby

DEPENDENCIES
  activesupport (>= 3.2.13)
  atomic
  bio (>= 1.4.2)
  bundler (>= 1.3.5)
  cucumber (~> 1.3.10)
  gherkin (~> 2.12.2)
  git
  i18n (>= 0.6.1)
  jbundler (= 0.9.4)
  jeweler (~> 1.8.4)
  json
  multi_json
  rake
  rdoc (>= 3.12)
  rspec
  ruport (~> 1.6.3)
  shoulda
  simplecov
  test-unit

BUNDLED WITH
   1.17.3
